GEM
  remote: https://rubygems.org/
  specs:
    rake (13.0.1)
    synth_blocks (2.0.0)
      wavefile (~> 1.1)
    wavefile (1.1.1)

PLATFORMS
  ruby

DEPENDENCIES
  rake (~> 13.0)
  synth_blocks (~> 2.0)

BUNDLED WITH
   2.1.4
